GIT
  remote: https://github.com/plataformatec/devise
  revision: cb663e96a370ba5d3dc6aa8ea3a2683268e980a0
  specs:
    devise (4.5.0)
      bcrypt (~> 3.0)
      orm_adapter (~> 0.1)
      railties (>= 4.1.0, < 6.0)
      responders
      warden (~> 1.2.3)

GEM
  remote: https://rubygems.org/
  specs:
    actioncable (5.1.3)
      actionpack (= 5.1.3)
      nio4r (~> 2.0)
      websocket-driver (~> 0.6.1)
    actionmailer (5.1.3)
      actionpack (= 5.1.3)
      actionview (= 5.1.3)
      activejob (= 5.1.3)
      mail (~> 2.5, >= 2.5.4)
      rails-dom-testing (~> 2.0)
    actionpack (5.1.3)
      actionview (= 5.1.3)
      activesupport (= 5.1.3)
      rack (~> 2.0)
      rack-test (~> 0.6.3)
      rails-dom-testing (~> 2.0)
      rails-html-sanitizer (~> 1.0, >= 1.0.2)
    actionview (5.1.3)
      activesupport (= 5.1.3)
      builder (~> 3.1)
      erubi (~> 1.4)
      rails-dom-testing (~> 2.0)
      rails-html-sanitizer (~> 1.0, >= 1.0.3)
    activejob (5.1.3)
      activesupport (= 5.1.3)
      globalid (>= 0.3.6)
    activemodel (5.1.3)
      activesupport (= 5.1.3)
    activerecord (5.1.3)
      activemodel (= 5.1.3)
      activesupport (= 5.1.3)
      arel (~> 8.0)
    activerecord-import (0.27.0)
      activerecord (>= 3.2)
    activesupport (5.1.3)
      concurrent-ruby (~> 1.0, >= 1.0.2)
      i18n (~> 0.7)
      minitest (~> 5.1)
      tzinfo (~> 1.1)
    airbrussh (1.3.1)
      sshkit (>= 1.6.1, != 1.7.0)
    arel (8.0.0)
    autoprefixer-rails (9.4.2)
      execjs
    bcrypt (3.1.12)
    bootstrap-sass (3.3.7)
      autoprefixer-rails (>= 5.2.1)
      sass (>= 3.3.4)
    bootswatch-rails (3.3.5)
      railties (>= 3.1)
    builder (3.2.3)
    byebug (10.0.2)
    capistrano (3.11.0)
      airbrussh (>= 1.0.0)
      i18n
      rake (>= 10.0.0)
      sshkit (>= 1.9.0)
    capistrano-bundler (1.4.0)
      capistrano (~> 3.1)
      sshkit (~> 1.2)
    capistrano-rails (1.4.0)
      capistrano (~> 3.1)
      capistrano-bundler (~> 1.1)
    capistrano-rbenv (2.1.4)
      capistrano (~> 3.1)
      sshkit (~> 1.3)
    coderay (1.1.2)
    coffee-rails (4.2.2)
      coffee-script (>= 2.2.0)
      railties (>= 4.0.0)
    coffee-script (2.4.1)
      coffee-script-source
      execjs
    coffee-script-source (1.12.2)
    concurrent-ruby (1.1.3)
    crass (1.0.4)
    diff-lcs (1.3)
    diffy (3.2.1)
    dotenv (2.5.0)
    dotenv-rails (2.5.0)
      dotenv (= 2.5.0)
      railties (>= 3.2, < 6.0)
    erubi (1.7.1)
    exception_notification (4.3.0)
      actionmailer (>= 4.0, < 6)
      activesupport (>= 4.0, < 6)
    execjs (2.7.0)
    factory_girl (4.9.0)
      activesupport (>= 3.0.0)
    faraday (0.15.4)
      multipart-post (>= 1.2, < 3)
    ffi (1.9.25)
    font-awesome-rails (4.7.0.4)
      railties (>= 3.2, < 6.0)
    foreman (0.85.0)
      thor (~> 0.19.1)
    globalid (0.4.1)
      activesupport (>= 4.2.0)
    google-analytics-rails (1.1.1)
    graphiql-rails (1.5.0)
      railties
      sprockets-rails
    graphql (1.8.11)
    graphql-batch (0.3.10)
      graphql (>= 0.8, < 2)
      promise.rb (~> 0.7.2)
    hamlit (2.9.2)
      temple (>= 0.8.0)
      thor
      tilt
    hashie (3.5.7)
    i18n (0.9.5)
      concurrent-ruby (~> 1.0)
    jquery-rails (4.3.3)
      rails-dom-testing (>= 1, < 3)
      railties (>= 4.2.0)
      thor (>= 0.14, < 2.0)
    jwt (2.1.0)
    kaminari (1.1.1)
      activesupport (>= 4.1.0)
      kaminari-actionview (= 1.1.1)
      kaminari-activerecord (= 1.1.1)
      kaminari-core (= 1.1.1)
    kaminari-actionview (1.1.1)
      actionview
      kaminari-core (= 1.1.1)
    kaminari-activerecord (1.1.1)
      activerecord
      kaminari-core (= 1.1.1)
    kaminari-core (1.1.1)
    listen (3.1.5)
      rb-fsevent (~> 0.9, >= 0.9.4)
      rb-inotify (~> 0.9, >= 0.9.7)
      ruby_dep (~> 1.2)
    loofah (2.2.3)
      crass (~> 1.0.2)
      nokogiri (>= 1.5.9)
    mail (2.7.1)
      mini_mime (>= 0.1.1)
    method_source (0.9.2)
    mini_mime (1.0.1)
    mini_portile2 (2.3.0)
    minitest (5.11.3)
    multi_json (1.13.1)
    multi_xml (0.6.0)
    multipart-post (2.0.0)
    mysql2 (0.5.2)
    net-scp (1.2.1)
      net-ssh (>= 2.6.5)
    net-ssh (5.0.2)
    newrelic_rpm (5.5.0.348)
    nio4r (2.3.1)
    nokogiri (1.8.5)
      mini_portile2 (~> 2.3.0)
    oauth2 (1.4.1)
      faraday (>= 0.8, < 0.16.0)
      jwt (>= 1.0, < 3.0)
      multi_json (~> 1.3)
      multi_xml (~> 0.5)
      rack (>= 1.2, < 3)
    omniauth (1.8.1)
      hashie (>= 3.4.6, < 3.6.0)
      rack (>= 1.6.2, < 3)
    omniauth-github (1.3.0)
      omniauth (~> 1.5)
      omniauth-oauth2 (>= 1.4.0, < 2.0)
    omniauth-oauth2 (1.5.0)
      oauth2 (~> 1.1)
      omniauth (~> 1.2)
    orm_adapter (0.5.0)
    promise.rb (0.7.4)
    pry (0.12.2)
      coderay (~> 1.1.0)
      method_source (~> 0.9.0)
    pry-byebug (3.6.0)
      byebug (~> 10.0)
      pry (~> 0.10)
    pry-doc (0.13.5)
      pry (~> 0.11)
      yard (~> 0.9.11)
    pry-rails (0.3.8)
      pry (>= 0.10.4)
    puma (3.12.0)
    rack (2.0.6)
    rack-proxy (0.6.5)
      rack
    rack-test (0.6.3)
      rack (>= 1.0)
    rack-user_agent (0.5.2)
      rack (>= 1.5)
      woothee (>= 1.0.0)
    rails (5.1.3)
      actioncable (= 5.1.3)
      actionmailer (= 5.1.3)
      actionpack (= 5.1.3)
      actionview (= 5.1.3)
      activejob (= 5.1.3)
      activemodel (= 5.1.3)
      activerecord (= 5.1.3)
      activesupport (= 5.1.3)
      bundler (>= 1.3.0)
      railties (= 5.1.3)
      sprockets-rails (>= 2.0.0)
    rails-dom-testing (2.0.3)
      activesupport (>= 4.2.0)
      nokogiri (>= 1.6)
    rails-html-sanitizer (1.0.4)
      loofah (~> 2.2, >= 2.2.2)
    railties (5.1.3)
      actionpack (= 5.1.3)
      activesupport (= 5.1.3)
      method_source
      rake (>= 0.8.7)
      thor (>= 0.18.1, < 2.0)
    rake (12.3.2)
    rb-fsevent (0.10.3)
    rb-inotify (0.9.10)
      ffi (>= 0.5.0, < 2)
    responders (2.4.0)
      actionpack (>= 4.2.0, < 5.3)
      railties (>= 4.2.0, < 5.3)
    ridgepole (0.7.5)
      activerecord (>= 5.0.1, < 6)
      diffy
    ridgepoler-rails (1.0.1)
      rails (>= 5.0.0, < 5.3)
      ridgepole
    rspec-core (3.8.0)
      rspec-support (~> 3.8.0)
    rspec-expectations (3.8.2)
      diff-lcs (>= 1.2.0, < 2.0)
      rspec-support (~> 3.8.0)
    rspec-mocks (3.8.0)
      diff-lcs (>= 1.2.0, < 2.0)
      rspec-support (~> 3.8.0)
    rspec-rails (3.8.1)
      actionpack (>= 3.0)
      activesupport (>= 3.0)
      railties (>= 3.0)
      rspec-core (~> 3.8.0)
      rspec-expectations (~> 3.8.0)
      rspec-mocks (~> 3.8.0)
      rspec-support (~> 3.8.0)
    rspec-support (3.8.0)
    ruby_dep (1.5.0)
    sass (3.7.2)
      sass-listen (~> 4.0.0)
    sass-listen (4.0.0)
      rb-fsevent (~> 0.9, >= 0.9.4)
      rb-inotify (~> 0.9, >= 0.9.7)
    sassc (2.0.0)
      ffi (~> 1.9.6)
      rake
    sassc-rails (2.0.0)
      railties (>= 4.0.0)
      sassc (>= 2.0)
      sprockets (> 3.0)
      sprockets-rails
      tilt
    sentry-raven (2.7.4)
      faraday (>= 0.7.6, < 1.0)
    silencer (1.0.1)
    spring (2.0.2)
      activesupport (>= 4.2)
    spring-commands-rspec (1.0.4)
      spring (>= 0.9.1)
    sprockets (3.7.2)
      concurrent-ruby (~> 1.0)
      rack (> 1, < 3)
    sprockets-rails (3.2.1)
      actionpack (>= 4.0)
      activesupport (>= 4.0)
      sprockets (>= 3.0.0)
    sshkit (1.18.0)
      net-scp (>= 1.1.2)
      net-ssh (>= 2.8.0)
    temple (0.8.0)
    thor (0.19.4)
    thread_safe (0.3.6)
    tilt (2.0.9)
    timecop (0.9.1)
    tzinfo (1.2.5)
      thread_safe (~> 0.1)
    uglifier (4.1.20)
      execjs (>= 0.3.0, < 3)
    warden (1.2.8)
      rack (>= 2.0.6)
    webpacker (3.5.5)
      activesupport (>= 4.2)
      rack-proxy (>= 0.6.1)
      railties (>= 4.2)
    websocket-driver (0.6.5)
      websocket-extensions (>= 0.1.0)
    websocket-extensions (0.1.3)
    woothee (1.8.0)
    yard (0.9.16)

PLATFORMS
  ruby

DEPENDENCIES
  activerecord-import
  bootstrap-sass
  bootswatch-rails
  capistrano
  capistrano-bundler
  capistrano-rails
  capistrano-rbenv
  coffee-rails
  devise!
  dotenv-rails
  exception_notification
  factory_girl
  faraday
  font-awesome-rails
  foreman
  google-analytics-rails
  graphiql-rails
  graphql
  graphql-batch
  hamlit
  jquery-rails
  kaminari
  listen
  mysql2
  newrelic_rpm
  omniauth
  omniauth-github
  pry-byebug
  pry-doc
  pry-rails
  puma
  rack-user_agent
  rails (= 5.1.3)
  ridgepoler-rails
  rspec-rails
  sassc-rails
  sentry-raven
  silencer
  spring
  spring-commands-rspec
  sprockets
  timecop
  uglifier
  webpacker

BUNDLED WITH
   1.16.2
