GEM
  remote: https://rubygems.org/
  specs:
    celluloid (0.17.3)
      celluloid-essentials
      celluloid-extras
      celluloid-fsm
      celluloid-pool
      celluloid-supervision
      timers (>= 4.1.1)
    celluloid-essentials (0.20.5)
      timers (>= 4.1.1)
    celluloid-extras (0.20.5)
      timers (>= 4.1.1)
    celluloid-fsm (0.20.5)
      timers (>= 4.1.1)
    celluloid-pool (0.20.5)
      timers (>= 4.1.1)
    celluloid-supervision (0.20.5)
      timers (>= 4.1.1)
    clap (1.0.0)
    disc (0.0.26)
      clap (~> 1.0)
      disque (~> 0.0.6)
      msgpack (>= 0.5.6, < 0.6.3)
    disque (0.0.6)
      redic (~> 1.5.0)
    foreman (0.78.0)
      thor (~> 0.19.1)
    hiredis (0.6.1)
    hitimes (1.2.3)
    msgpack (0.6.2)
    redic (1.5.0)
      hiredis
    thor (0.19.1)
    timers (4.1.1)
      hitimes

PLATFORMS
  ruby

DEPENDENCIES
  celluloid
  disc
  foreman

BUNDLED WITH
   1.11.2
